GEM
  remote: http://rubygems.org/
  specs:
    activerecord (2.3.11)
      activesupport (= 2.3.11)
    activesupport (2.3.11)
    fastercsv (1.5.4)
    flexmock (0.9.0)
    mysql (2.8.1)
    net-sftp (2.0.5)
      net-ssh (>= 2.0.9)
    net-ssh (2.1.4)
    ruby-ole (1.2.11.1)
    shoulda (2.11.3)
    spreadsheet (0.6.5.4)
      ruby-ole (>= 1.0)
    tmail (1.2.7.1)
    zip (2.0.2)

PLATFORMS
  ruby

DEPENDENCIES
  activerecord (= 2.3.11)
  activesupport (= 2.3.11)
  fastercsv (= 1.5.4)
  flexmock (= 0.9.0)
  mysql
  net-sftp (= 2.0.5)
  shoulda (= 2.11.3)
  spreadsheet (= 0.6.5.4)
  tmail (= 1.2.7.1)
  zip (= 2.0.2)
